GEM
  remote: https://rubygems.org/
  specs:
    ZenTest (4.11.2)
    addressable (2.8.0)
      public_suffix (>= 2.0.2, < 5.0)
    builder (3.2.4)
    byebug (11.1.3)
    capybara (3.36.0)
      addressable
      matrix
      mini_mime (>= 0.1.3)
      nokogiri (~> 1.8)
      rack (>= 1.6.0)
      rack-test (>= 0.6.3)
      regexp_parser (>= 1.5, < 3.0)
      xpath (~> 3.2)
    celluloid (0.16.0)
      timers (~> 4.0.0)
    crack (0.4.5)
      rexml
    cucumber (7.1.0)
      builder (~> 3.2, >= 3.2.4)
      cucumber-core (~> 10.1, >= 10.1.0)
      cucumber-create-meta (~> 6.0, >= 6.0.1)
      cucumber-cucumber-expressions (~> 14.0, >= 14.0.0)
      cucumber-gherkin (~> 22.0, >= 22.0.0)
      cucumber-html-formatter (~> 17.0, >= 17.0.0)
      cucumber-messages (~> 17.1, >= 17.1.1)
      cucumber-wire (~> 6.2, >= 6.2.0)
      diff-lcs (~> 1.4, >= 1.4.4)
      mime-types (~> 3.3, >= 3.3.1)
      multi_test (~> 0.1, >= 0.1.2)
      sys-uname (~> 1.2, >= 1.2.2)
    cucumber-core (10.1.0)
      cucumber-gherkin (~> 22.0, >= 22.0.0)
      cucumber-messages (~> 17.1, >= 17.1.1)
      cucumber-tag-expressions (~> 4.0, >= 4.0.2)
    cucumber-create-meta (6.0.4)
      cucumber-messages (~> 17.1, >= 17.1.1)
      sys-uname (~> 1.2, >= 1.2.2)
    cucumber-cucumber-expressions (14.0.0)
    cucumber-gherkin (22.0.0)
      cucumber-messages (~> 17.1, >= 17.1.1)
    cucumber-html-formatter (17.0.0)
      cucumber-messages (~> 17.1, >= 17.1.0)
    cucumber-messages (17.1.1)
    cucumber-sinatra (0.5.0)
      templater (>= 1.0.0)
    cucumber-tag-expressions (4.1.0)
    cucumber-wire (6.2.0)
      cucumber-core (~> 10.1, >= 10.1.0)
      cucumber-cucumber-expressions (~> 14.0, >= 14.0.0)
      cucumber-messages (~> 17.1, >= 17.1.1)
    diff-lcs (1.5.0)
    docile (1.4.0)
    extlib (0.9.16)
    ffi (1.15.4)
    hashdiff (1.0.1)
    highline (2.0.3)
    hitimes (2.0.0)
    json (2.6.1)
    launchy (2.4.3)
      addressable (~> 2.3)
    listen (2.10.1)
      celluloid (~> 0.16.0)
      rb-fsevent (>= 0.9.3)
      rb-inotify (>= 0.9)
    matrix (0.3.1)
    mime-types (3.4.1)
      mime-types-data (~> 3.2015)
    mime-types-data (3.2021.1115)
    mini_mime (1.1.2)
    multi_test (0.1.2)
    mustermann (1.1.1)
      ruby2_keywords (~> 0.0.1)
    nio4r (2.5.8)
    nokogiri (1.12.5-x86_64-linux)
      racc (~> 1.4)
    public_suffix (4.0.6)
    puma (5.5.2)
      nio4r (~> 2.0)
    racc (1.6.0)
    rack (2.2.3)
    rack-protection (2.1.0)
      rack
    rack-test (0.6.3)
      rack (>= 1.0)
    rack_session_access (0.1.1)
      builder (>= 2.0.0)
      rack (>= 1.0.0)
    rb-fsevent (0.11.0)
    rb-inotify (0.10.1)
      ffi (~> 1.0)
    regexp_parser (2.2.0)
    rerun (0.10.0)
      listen (~> 2.7, >= 2.7.3)
    rexml (3.2.5)
    rspec (3.3.0)
      rspec-core (~> 3.3.0)
      rspec-expectations (~> 3.3.0)
      rspec-mocks (~> 3.3.0)
    rspec-autotest (1.0.0)
      rspec-core (>= 2.99.0.beta1, < 4.0.0)
    rspec-core (3.3.2)
      rspec-support (~> 3.3.0)
    rspec-expectations (3.3.1)
      diff-lcs (>= 1.2.0, < 2.0)
      rspec-support (~> 3.3.0)
    rspec-mocks (3.3.2)
      diff-lcs (>= 1.2.0, < 2.0)
      rspec-support (~> 3.3.0)
    rspec-support (3.3.0)
    ruby2_keywords (0.0.5)
    simplecov (0.16.1)
      docile (~> 1.1)
      json (>= 1.8, < 3)
      simplecov-html (~> 0.10.0)
    simplecov-html (0.10.2)
    sinatra (2.1.0)
      mustermann (~> 1.0)
      rack (~> 2.2)
      rack-protection (= 2.1.0)
      tilt (~> 2.0)
    sinatra-flash (0.3.0)
      sinatra (>= 1.0.0)
    sys-uname (1.2.2)
      ffi (~> 1.1)
    templater (1.0.0)
      diff-lcs (>= 1.1.2)
      extlib (>= 0.9.5)
      highline (>= 1.4.0)
    tilt (2.0.10)
    timers (4.0.4)
      hitimes
    webmock (3.3.0)
      addressable (>= 2.3.6)
      crack (>= 0.3.2)
      hashdiff
    xpath (3.2.0)
      nokogiri (~> 1.8)

PLATFORMS
  ruby

DEPENDENCIES
  ZenTest (= 4.11.2)
  byebug (= 11.1.3)
  capybara (= 3.36.0)
  cucumber (= 7.1.0)
  cucumber-sinatra (= 0.5.0)
  launchy (= 2.4.3)
  mustermann (~> 1.1)
  puma (~> 5.5)
  rack-test (= 0.6.3)
  rack_session_access (= 0.1.1)
  rerun (= 0.10.0)
  rspec (= 3.3.0)
  rspec-autotest (= 1.0.0)
  simplecov (= 0.16.1)
  sinatra (>= 2.1.0)
  sinatra-flash (= 0.3.0)
  webmock (= 3.3.0)

RUBY VERSION
   ruby 3.0.2p107

BUNDLED WITH
   2.3.3
